GEM
  remote: https://rubygems.org/
  specs:
    curses (1.2.4)

PLATFORMS
  ruby

DEPENDENCIES
  curses

BUNDLED WITH
   1.14.6
